GIT
  remote: git://github.com/torbjoernk/jekyll-git_metadata.git
  revision: 61f9b2c0bd2ddcabc9274f28d4aa781cb67b2f6f
  tag: v0.0.5-torbjoernk
  specs:
    jekyll-git_metadata (0.0.5.pre.torbjoernk)
      jekyll (~> 3.0)

GIT
  remote: git://github.com/torbjoernk/jekyll-toc.git
  revision: c5df2e5077ab55b39d7f084797a1d7894d4447ba
  branch: feature/separate-filters
  specs:
    jekyll-toc (0.0.5)
      nokogiri (~> 1.6)

GEM
  remote: https://rubygems.org/
  specs:
    addressable (2.5.2)
      public_suffix (>= 2.0.2, < 4.0)
    autoprefixer-rails (8.6.3)
      execjs
    bibtex-ruby (4.4.7)
      latex-decode (~> 0.0)
    citeproc (1.0.9)
      namae (~> 1.0)
    citeproc-ruby (1.1.10)
      citeproc (~> 1.0, >= 1.0.9)
      csl (~> 1.5)
    coffee-script (2.4.1)
      coffee-script-source
      execjs
    coffee-script-source (1.10.0)
    colorator (1.1.0)
    concurrent-ruby (1.0.5)
    csl (1.5.0)
      namae (~> 1.0)
    csl-styles (1.0.1.8)
      csl (~> 1.0)
    em-websocket (0.5.1)
      eventmachine (>= 0.12.9)
      http_parser.rb (~> 0.6.0)
    eventmachine (1.2.7)
    execjs (2.7.0)
    extras (0.3.0)
      forwardable-extended (~> 2.5)
    fastimage (2.1.3)
    ffi (1.9.25)
    font-awesome-sass (4.5.0)
      sass (>= 3.2)
    forwardable-extended (2.6.0)
    http_parser.rb (0.6.0)
    i18n (0.9.5)
      concurrent-ruby (~> 1.0)
    jekyll (3.8.3)
      addressable (~> 2.4)
      colorator (~> 1.0)
      em-websocket (~> 0.5)
      i18n (~> 0.7)
      jekyll-sass-converter (~> 1.0)
      jekyll-watch (~> 2.0)
      kramdown (~> 1.14)
      liquid (~> 4.0)
      mercenary (~> 0.3.3)
      pathutil (~> 0.9)
      rouge (>= 1.7, < 4)
      safe_yaml (~> 1.0)
    jekyll-assets (2.4.0)
      concurrent-ruby (~> 1.0)
      extras (~> 0.2)
      fastimage (~> 2.0, >= 1.8)
      jekyll (~> 3.1, >= 3.0)
      pathutil (>= 0.8)
      rack (~> 1.6)
      sprockets (~> 3.3, < 3.8)
    jekyll-email-protect (1.0.3)
    jekyll-feed (0.4.0)
    jekyll-paginate (1.1.0)
    jekyll-sass-converter (1.5.2)
      sass (~> 3.4)
    jekyll-scholar (5.13.0)
      bibtex-ruby (~> 4.0, >= 4.0.13)
      citeproc-ruby (~> 1.0)
      csl-styles (~> 1.0)
      jekyll (~> 3.0)
    jekyll-sitemap (0.10.0)
    jekyll-watch (2.0.0)
      listen (~> 3.0)
    jgd (1.7.1)
      jekyll (>= 1.5.1)
      trollop (= 2.1.2)
    json (2.1.0)
    kramdown (1.17.0)
    latex-decode (0.3.1)
    liquid (4.0.0)
    listen (3.1.5)
      rb-fsevent (~> 0.9, >= 0.9.4)
      rb-inotify (~> 0.9, >= 0.9.7)
      ruby_dep (~> 1.2)
    mercenary (0.3.6)
    mini_magick (4.3.6)
    mini_portile2 (2.4.0)
    namae (1.0.1)
    nokogiri (1.10.4)
      mini_portile2 (~> 2.4.0)
    pathutil (0.16.1)
      forwardable-extended (~> 2.6)
    public_suffix (3.0.2)
    rack (1.6.11)
    rb-fsevent (0.10.3)
    rb-inotify (0.9.10)
      ffi (>= 0.5.0, < 2)
    rouge (3.1.1)
    ruby_dep (1.5.0)
    safe_yaml (1.0.4)
    sass (3.5.6)
      sass-listen (~> 4.0.0)
    sass-listen (4.0.0)
      rb-fsevent (~> 0.9, >= 0.9.4)
      rb-inotify (~> 0.9, >= 0.9.7)
    sprockets (3.7.2)
      concurrent-ruby (~> 1.0)
      rack (> 1, < 3)
    trollop (2.1.2)
    uglifier (2.7.2)
      execjs (>= 0.3.0)
      json (>= 1.8.0)

PLATFORMS
  ruby

DEPENDENCIES
  autoprefixer-rails
  coffee-script
  font-awesome-sass (>= 4.5.0)
  jekyll (>= 3.0)
  jekyll-assets
  jekyll-email-protect
  jekyll-feed
  jekyll-git_metadata!
  jekyll-paginate
  jekyll-scholar
  jekyll-sitemap
  jekyll-toc!
  jekyll-watch
  jgd
  mini_magick
  sass
  uglifier

RUBY VERSION
   ruby 2.4.1p111

BUNDLED WITH
   1.16.2
